GEM
  specs:
    mysql2 (0.5.2)

PLATFORMS
  ruby

DEPENDENCIES
  mysql2

BUNDLED WITH
   2.1.4
